PATH
  remote: .
  specs:
    osmer (0.0.0)
      pg (>= 0.11.0)
      thor (>= 0.14.6)

GEM
  remote: http://www.rubygems.org/
  specs:
    diff-lcs (1.1.3)
    pg (0.14.0)
    rspec (2.11.0)
      rspec-core (~> 2.11.0)
      rspec-expectations (~> 2.11.0)
      rspec-mocks (~> 2.11.0)
    rspec-core (2.11.1)
    rspec-expectations (2.11.2)
      diff-lcs (~> 1.1.3)
    rspec-mocks (2.11.2)
    thor (0.16.0)

PLATFORMS
  ruby

DEPENDENCIES
  osmer!
  rspec (>= 2.0)
