PATH
  remote: .
  specs:
    osmer (0.0.0)
      pg (>= 0.11.0)
      thor (>= 0.14.6)

GEM
  remote: http://www.rubygems.org/
  specs:
    diff-lcs (1.1.3)
    pg (0.14.0)
    rake (0.9.2.2)
    rspec (2.9.0)
      rspec-core (~> 2.9.0)
      rspec-expectations (~> 2.9.0)
      rspec-mocks (~> 2.9.0)
    rspec-core (2.9.0)
    rspec-expectations (2.9.1)
      diff-lcs (~> 1.1.3)
    rspec-mocks (2.9.0)
    rspec-steps (0.0.8)
      rspec (>= 2.6)
    thor (0.16.0)
    yard (0.8.2.1)

PLATFORMS
  ruby

DEPENDENCIES
  osmer!
  rake
  rspec (~> 2.9.0)
  rspec-steps (>= 0.0.8)
  yard
